NUGET
  remote: https://www.nuget.org/api/v2
  specs:
    Fleck (0.13.0.57)
    FSharp.Control.Reactive (3.4.1)
      Rx-Core (>= 2.2.5)
      Rx-Interfaces (>= 2.2.5)
      Rx-Linq (>= 2.2.5)
    FSharp.Core (4.0.0.1)
    Rx-Core (2.2.5)
      Rx-Interfaces (>= 2.2.5)
    Rx-Interfaces (2.2.5)
    Rx-Linq (2.2.5)
      Rx-Core (>= 2.2.5)
      Rx-Interfaces (>= 2.2.5)
    Suave (1.1.3)
      FSharp.Core (>= 3.1.2.5)
    WebSocket4Net (0.14.1)
