FRAMEWORK: >= NET40
NUGET
  remote: https://www.nuget.org/api/v2
    DotNetty.Buffers (0.4.1)
      DotNetty.Common (>= 0.4.1) - framework: >= net451
    DotNetty.Codecs (0.4.1)
      DotNetty.Buffers (>= 0.4.1) - framework: >= net451
      DotNetty.Common (>= 0.4.1) - framework: >= net451
      DotNetty.Transport (>= 0.4.1) - framework: >= net451
    DotNetty.Common (0.4.1)
      Microsoft.Extensions.Logging (>= 1.0) - framework: >= net451
    DotNetty.Handlers (0.4.1)
      DotNetty.Buffers (>= 0.4.1) - framework: >= net451
      DotNetty.Codecs (>= 0.4.1) - framework: >= net451
      DotNetty.Common (>= 0.4.1) - framework: >= net451
      DotNetty.Transport (>= 0.4.1) - framework: >= net451
    DotNetty.Transport (0.4.1)
      DotNetty.Buffers (>= 0.4.1) - framework: >= net451
      DotNetty.Common (>= 0.4.1) - framework: >= net451
    Fleck (0.14.0.59)
    FSharp.Control.Reactive (3.5)
      System.Reactive (>= 3.0)
    FSharp.Core (4.0.0.1)
    Microsoft.Extensions.DependencyInjection.Abstractions (1.1) - framework: >= net451
    Microsoft.Extensions.Logging (1.1) - framework: >= net451
      Microsoft.Extensions.DependencyInjection.Abstractions (>= 1.1) - framework: >= net45
      Microsoft.Extensions.Logging.Abstractions (>= 1.1) - framework: >= net45
      NETStandard.Library (>= 1.6.1) - framework: >= net45
    Microsoft.Extensions.Logging.Abstractions (1.1) - framework: >= net451
      NETStandard.Library (>= 1.6.1) - framework: >= net45
    Microsoft.Win32.Primitives (4.3) - framework: >= net46
    NETStandard.Library (1.6.1) - framework: >= net451
      Microsoft.Win32.Primitives (>= 4.3) - framework: >= net46
      System.AppContext (>= 4.3) - framework: >= net46
      System.Collections.Concurrent (>= 4.3) - framework: >= net45
      System.Console (>= 4.3) - framework: >= net46
      System.Diagnostics.Tracing (>= 4.3) - framework: >= net45
      System.Globalization.Calendars (>= 4.3) - framework: >= net46
      System.IO.Compression (>= 4.3) - framework: >= net45
      System.IO.Compression.ZipFile (>= 4.3) - framework: >= net46
      System.IO.FileSystem (>= 4.3) - framework: >= net46
      System.IO.FileSystem.Primitives (>= 4.3) - framework: >= net46
      System.Net.Http (>= 4.3) - framework: >= net45
      System.Net.Sockets (>= 4.3) - framework: >= net46
      System.Runtime.Handles (>= 4.3) - framework: >= net46
      System.Runtime.InteropServices (>= 4.3) - framework: >= net45
      System.Runtime.InteropServices.RuntimeInformation (>= 4.3) - framework: >= net45
      System.Runtime.Numerics (>= 4.3) - framework: >= net45
      System.Security.Cryptography.Algorithms (>= 4.3) - framework: >= net46
      System.Security.Cryptography.Encoding (>= 4.3) - framework: >= net46
      System.Security.Cryptography.Primitives (>= 4.3) - framework: >= net46
      System.Security.Cryptography.X509Certificates (>= 4.3) - framework: >= net46
      System.Threading.Timer (>= 4.3) - framework: >= net451
    Suave (2.0.4)
      FSharp.Core (>= 4.0.0.1)
    System.AppContext (4.3) - framework: >= net46
    System.Collections.Concurrent (4.3) - framework: >= net451
    System.Console (4.3) - framework: >= net46
    System.Diagnostics.DiagnosticSource (4.3) - framework: >= net46
    System.Diagnostics.Tracing (4.3) - framework: >= net451
    System.Globalization.Calendars (4.3) - framework: >= net46
    System.IO (4.3) - framework: >= net463
    System.IO.Compression (4.3) - framework: >= net451
    System.IO.Compression.ZipFile (4.3) - framework: >= net46
    System.IO.FileSystem (4.3) - framework: >= net46
      System.IO.FileSystem.Primitives (>= 4.3) - framework: >= net46
    System.IO.FileSystem.Primitives (4.3)
    System.Net.Http (4.3) - framework: >= net451
      System.Diagnostics.DiagnosticSource (>= 4.3) - framework: >= net46
      System.Security.Cryptography.X509Certificates (>= 4.3) - framework: >= net46
    System.Net.Sockets (4.3) - framework: >= net46
    System.Net.WebSockets (4.3.0-preview1-24530-04) - framework: >= net45
    System.Reactive (3.1.1)
      System.Reactive.PlatformServices (>= 3.1.1)
      System.Reactive.Windows.Threading (>= 3.1.1) - framework: >= net45
    System.Reactive.Core (3.1.1)
      System.Reactive.Interfaces (>= 3.1.1) - framework: >= net45
    System.Reactive.Interfaces (3.1.1) - framework: >= net45
    System.Reactive.Linq (3.1.1)
      System.Reactive.Core (>= 3.1.1) - framework: >= net45
    System.Reactive.PlatformServices (3.1.1)
      System.Reactive.Linq (>= 3.1.1)
    System.Reactive.Windows.Threading (3.1.1) - framework: >= net45
      System.Reactive.Core (>= 3.1.1)
    System.Runtime (4.3)
    System.Runtime.Handles (4.3) - framework: >= net46
    System.Runtime.InteropServices (4.3) - framework: >= net451
      System.Runtime (>= 4.3) - framework: >= net462
    System.Runtime.InteropServices.RuntimeInformation (4.3) - framework: >= net451
    System.Runtime.Numerics (4.3) - framework: >= net451
    System.Security.Cryptography.Algorithms (4.3) - framework: >= net46
      System.IO (>= 4.3) - framework: >= net463
      System.Runtime (>= 4.3) - framework: >= net463
      System.Security.Cryptography.Encoding (>= 4.3) - framework: >= net463
      System.Security.Cryptography.Primitives (>= 4.3) - framework: net46, net461, >= net463
    System.Security.Cryptography.Encoding (4.3)
    System.Security.Cryptography.Primitives (4.3)
    System.Security.Cryptography.X509Certificates (4.3)
      System.Security.Cryptography.Algorithms (>= 4.3) - framework: >= net46
      System.Security.Cryptography.Encoding (>= 4.3) - framework: >= net46
    System.Threading.Timer (4.3) - framework: >= net451
    WebSocketSharp (1.0.3-rc11)
