NUGET
  remote: https://www.nuget.org/api/v2
    Fleck (0.14.0.59)
    FSharp.Control.Reactive (3.4.1)
      Rx-Core (>= 2.2.5)
      Rx-Interfaces (>= 2.2.5)
      Rx-Linq (>= 2.2.5)
    FSharp.Core (4.0.0.1)
    Rx-Core (2.2.5)
      Rx-Interfaces (>= 2.2.5)
    Rx-Interfaces (2.2.5)
    Rx-Linq (2.2.5)
      Rx-Core (>= 2.2.5)
      Rx-Interfaces (>= 2.2.5)
    Suave (1.1.3)
      FSharp.Core (>= 3.1.2.5)
    System.Net.WebSockets (4.3.0-preview1-24530-04) - framework: >= net45
    WebSocketSharp (1.0.3-rc11)
