FRAMEWORK: >= NET40
NUGET
  remote: https://www.nuget.org/api/v2
    Fleck (0.14.0.59)
    FSharp.Control.Reactive (3.5)
      System.Reactive (>= 3.0)
    FSharp.Core (4.0.0.1)
    Suave (2.0.2)
      FSharp.Core (>= 4.0.0.1)
    System.Net.WebSockets (4.3.0-preview1-24530-04) - framework: >= net45
    System.Reactive (3.1.1)
      System.Reactive.PlatformServices (>= 3.1.1)
      System.Reactive.Windows.Threading (>= 3.1.1) - framework: >= net45
    System.Reactive.Core (3.1.1)
      System.Reactive.Interfaces (>= 3.1.1) - framework: >= net45
    System.Reactive.Interfaces (3.1.1) - framework: >= net45
    System.Reactive.Linq (3.1.1)
      System.Reactive.Core (>= 3.1.1) - framework: >= net45
    System.Reactive.PlatformServices (3.1.1)
      System.Reactive.Linq (>= 3.1.1)
    System.Reactive.Windows.Threading (3.1.1) - framework: >= net45
      System.Reactive.Core (>= 3.1.1)
    WebSocketSharp (1.0.3-rc11)
